PATH
  remote: ../../gems/my-gem
  specs:
    my-gem (0.0.1)

GEM
  remote: https://rubygems.org/
  specs:

PLATFORMS
  ruby

DEPENDENCIES
  my-gem!
